GEM
  remote: https://rubygems.org/
  specs:
    backports (3.6.6)
    macaddr (1.7.1)
      systemu (~> 2.6.2)
    mini_portile (0.5.3)
    multi_json (1.11.2)
    nokogiri (1.6.1)
      mini_portile (~> 0.5.0)
    rack (1.6.4)
    rack-protection (1.5.3)
      rack
    rack-test (0.6.3)
      rack (>= 1.0)
    ruby-saml (1.0.0)
      nokogiri (>= 1.5.10)
      uuid (~> 2.3)
    sinatra (1.4.5)
      rack (~> 1.4)
      rack-protection (~> 1.4)
      tilt (~> 1.3, >= 1.3.4)
    sinatra-contrib (1.4.2)
      backports (>= 2.0)
      multi_json
      rack-protection
      rack-test
      sinatra (~> 1.4.0)
      tilt (~> 1.3)
    systemu (2.6.5)
    tilt (1.4.1)
    uuid (2.3.8)
      macaddr (~> 1.0)

PLATFORMS
  ruby

DEPENDENCIES
  bundler (= 1.10.6)
  nokogiri (= 1.6.1)
  ruby-saml (~> 1.0.0)
  sinatra (= 1.4.5)
  sinatra-contrib (= 1.4.2)

BUNDLED WITH
   1.10.6
